GEM
  remote: https://rubygems.org/
  specs:
    json_pure (1.8.1)
    power_assert (0.2.6)
    puma (2.9.1)
      rack (>= 1.1, < 2.0)
    rack (1.5.2)
    rack-protection (1.5.2)
      rack
    sinatra (1.4.4)
      rack (~> 1.4)
      rack-protection (~> 1.4)
      tilt (~> 1.3, >= 1.3.4)
    test-unit (3.1.5)
      power_assert
    tilt (1.4.1)

PLATFORMS
  ruby

DEPENDENCIES
  json_pure
  puma
  rake
  sinatra
  test-unit

RUBY VERSION
   ruby 2.1.8

BUNDLED WITH
   1.12.5
